GEM
  remote: http://rubygems.org/
  specs:
    json (1.8.1)
    rebay (1.2.0)
      json

PLATFORMS
  ruby

DEPENDENCIES
  rebay

BUNDLED WITH
   1.10.1
